GIT
  remote: git://github.com/sobrinho/minitest-colorize.git
  revision: c75efb2064453bab38329a3f89487c9dbeb2887d
  branch: master
  specs:
    minitest-colorize (0.0.5)
      minitest (>= 2.0)

PATH
  remote: .
  specs:
    manamana (0.0.3)
      racc (= 1.4.9)
      thor (~> 0.18.0)

GEM
  remote: https://rubygems.org/
  specs:
    coderay (1.0.9)
    colorize (0.5.8)
    columnize (0.3.6)
    coveralls (0.6.7)
      colorize
      multi_json (~> 1.3)
      rest-client
      simplecov (>= 0.7)
      thor
    debugger (1.5.0)
      columnize (>= 0.3.1)
      debugger-linecache (~> 1.2.0)
      debugger-ruby_core_source (~> 1.2.0)
    debugger-linecache (1.2.0)
    debugger-ruby_core_source (1.2.0)
    guard (1.6.2)
      listen (>= 0.6.0)
      lumberjack (>= 1.0.2)
      pry (>= 0.9.10)
      terminal-table (>= 1.4.3)
      thor (>= 0.14.6)
    guard-minitest (0.5.0)
      guard (>= 0.4)
    guard-rake (0.0.7)
      guard
      rake
    listen (0.7.3)
    lumberjack (1.0.2)
    method_source (0.8.1)
    mime-types (1.23)
    minitest (4.6.2)
    multi_json (1.7.4)
    pry (0.9.12)
      coderay (~> 1.0.5)
      method_source (~> 0.8)
      slop (~> 3.4)
    racc (1.4.9)
    rake (10.0.3)
    rb-fsevent (0.9.3)
    rest-client (1.6.7)
      mime-types (>= 1.16)
    ruby_gntp (0.3.4)
    simplecov (0.7.1)
      multi_json (~> 1.0)
      simplecov-html (~> 0.7.1)
    simplecov-html (0.7.1)
    slop (3.4.3)
    terminal-table (1.4.5)
    thor (0.18.1)

PLATFORMS
  ruby

DEPENDENCIES
  coveralls
  debugger
  guard
  guard-minitest
  guard-rake
  manamana!
  minitest
  minitest-colorize!
  pry
  racc
  rb-fsevent (~> 0.9)
  ruby_gntp
